GEM
  remote: https://rubygems.org/
  specs:
    geocoder (1.3.1)

PLATFORMS
  ruby

DEPENDENCIES
  geocoder

BUNDLED WITH
   1.11.2
